PATH
  remote: .
  specs:
    stripe-util (1.0.0)
      stripe

GEM
  remote: http://rubygems.org/
  specs:
    mime-types (1.21)
    multi_json (1.6.1)
    rest-client (1.6.7)
      mime-types (>= 1.16)
    stripe (1.7.10)
      multi_json (>= 1.0.4, < 2)
      rest-client (~> 1.4)

PLATFORMS
  ruby

DEPENDENCIES
  stripe-util!
